GEM
  remote: https://rubygems.org/
  specs:
    argon2 (1.1.4)
      ffi (~> 1.9)
      ffi-compiler (~> 0.1)
    diff-lcs (1.3)
    digest-sha3 (1.1.0)
    ffi (1.9.18)
    ffi-compiler (0.1.3)
      ffi (>= 1.0.0)
      rake
    rake (12.3.0)
    rspec (3.7.0)
      rspec-core (~> 3.7.0)
      rspec-expectations (~> 3.7.0)
      rspec-mocks (~> 3.7.0)
    rspec-core (3.7.0)
      rspec-support (~> 3.7.0)
    rspec-expectations (3.7.0)
      diff-lcs (>= 1.2.0, < 2.0)
      rspec-support (~> 3.7.0)
    rspec-mocks (3.7.0)
      diff-lcs (>= 1.2.0, < 2.0)
      rspec-support (~> 3.7.0)
    rspec-support (3.7.0)

PLATFORMS
  ruby

DEPENDENCIES
  argon2
  digest-sha3
  rspec

BUNDLED WITH
   1.16.1
